GEM
  remote: https://rubygems.org/
  specs:
    ffi (1.9.18)
    mustermann (1.0.1)
    rack (2.0.3)
    rack-protection (2.0.0)
      rack
    rubyserial (0.4.0)
      ffi (~> 1.9, >= 1.9.3)
    sinatra (2.0.0)
      mustermann (~> 1.0)
      rack (~> 2.0)
      rack-protection (= 2.0.0)
      tilt (~> 2.0)
    tilt (2.0.8)

PLATFORMS
  ruby

DEPENDENCIES
  rubyserial
  sinatra

BUNDLED WITH
   1.15.4
