GEM
  remote: https://rubygems.org/
  specs:
    ffi (1.9.25)
    mustermann (1.0.2)
    rack (2.0.5)
    rack-protection (2.0.3)
      rack
    rubyserial (0.5.0)
      ffi (~> 1.9, >= 1.9.3)
    sinatra (2.0.3)
      mustermann (~> 1.0)
      rack (~> 2.0)
      rack-protection (= 2.0.3)
      tilt (~> 2.0)
    tilt (2.0.8)

PLATFORMS
  ruby

DEPENDENCIES
  rubyserial
  sinatra

BUNDLED WITH
   1.15.4
